PATH
  remote: .
  specs:
    ruboty-yasumimasu (0.1.0)
      dotenv
      google-api-client (~> 0.8.0)
      google_drive
      pry
      ruboty

GEM
  remote: https://rubygems.org/
  specs:
    activesupport (4.2.11.3)
      i18n (~> 0.7)
      minitest (~> 5.1)
      thread_safe (~> 0.3, >= 0.3.4)
      tzinfo (~> 1.1)
    addressable (2.7.0)
      public_suffix (>= 2.0.2, < 5.0)
    ast (2.4.0)
    autoparse (0.3.3)
      addressable (>= 2.3.1)
      extlib (>= 0.9.15)
      multi_json (>= 1.0.0)
    coderay (1.1.2)
    concurrent-ruby (1.1.6)
    dotenv (2.4.0)
    extlib (0.9.16)
    faraday (0.17.3)
      multipart-post (>= 1.2, < 3)
    google-api-client (0.8.7)
      activesupport (>= 3.2, < 5.0)
      addressable (~> 2.3)
      autoparse (~> 0.3)
      extlib (~> 0.9)
      faraday (~> 0.9)
      googleauth (~> 0.3)
      launchy (~> 2.4)
      multi_json (~> 1.10)
      retriable (~> 1.4)
      signet (~> 0.6)
    google_drive (1.0.6)
      google-api-client (>= 0.7.0, < 0.9)
      nokogiri (>= 1.4.4, != 1.5.2, != 1.5.1)
      oauth (>= 0.3.6)
      oauth2 (>= 0.5.0)
    googleauth (0.13.0)
      faraday (>= 0.17.3, < 2.0)
      jwt (>= 1.4, < 3.0)
      memoist (~> 0.16)
      multi_json (~> 1.11)
      os (>= 0.9, < 2.0)
      signet (~> 0.14)
    i18n (0.9.5)
      concurrent-ruby (~> 1.0)
    jwt (2.2.1)
    launchy (2.5.0)
      addressable (~> 2.7)
    mem (0.1.5)
    memoist (0.16.2)
    method_source (0.9.0)
    mini_portile2 (2.5.0)
    minitest (5.14.1)
    multi_json (1.14.1)
    multipart-post (2.1.1)
    nokogiri (1.11.1)
      mini_portile2 (~> 2.5.0)
      racc (~> 1.4)
    oauth (0.5.4)
    oauth2 (1.4.4)
      faraday (>= 0.8, < 2.0)
      jwt (>= 1.0, < 3.0)
      multi_json (~> 1.3)
      multi_xml (~> 0.5)
      rack (>= 1.2, < 3)
    os (1.1.0)
    parallel (1.12.1)
    parser (2.5.1.0)
      ast (~> 2.4.0)
    powerpack (0.1.1)
    pry (0.11.3)
      coderay (~> 1.1.0)
      method_source (~> 0.9.0)
<<<<<<< HEAD
    public_suffix (4.0.5)
    rack (2.2.3)
=======
    public_suffix (3.0.2)
    racc (1.5.2)
    rack (1.6.12)
>>>>>>> 18d5e49 (bump nokogiri from 1.10.8 to 1.11.0)
    rainbow (3.0.0)
    rake (13.0.1)
    retriable (1.4.1)
    rubocop (0.56.0)
      parallel (~> 1.10)
      parser (>= 2.5)
      powerpack (~> 0.1)
      rainbow (>= 2.2.2, < 4.0)
      ruby-progressbar (~> 1.7)
      unicode-display_width (~> 1.0, >= 1.0.1)
    ruboty (1.3.0)
      activesupport
      bundler
      dotenv
      mem
      slop
    ruby-progressbar (1.9.0)
    signet (0.14.0)
      addressable (~> 2.3)
      faraday (>= 0.17.3, < 2.0)
      jwt (>= 1.5, < 3.0)
      multi_json (~> 1.10)
    slop (4.6.2)
    thread_safe (0.3.6)
    tzinfo (1.2.7)
      thread_safe (~> 0.1)
    unicode-display_width (1.3.2)

PLATFORMS
  ruby

DEPENDENCIES
  bundler (>= 1.16)
  rake (~> 13.0)
  rubocop
  ruboty-yasumimasu!

BUNDLED WITH
   2.1.4
